GEM
  remote: https://rubygems.org/
  specs:
    addressable (2.6.0)
      public_suffix (>= 2.0.2, < 4.0)
    faraday (0.15.4)
      multipart-post (>= 1.2, < 3)
    multipart-post (2.1.1)
    public_suffix (3.1.0)
    solrb (0.2.5)
      addressable
      faraday
    zk (1.9.6)
      zookeeper (~> 1.4.0)
    zookeeper (1.4.11)

PLATFORMS
  ruby

DEPENDENCIES
  solrb
  zk

BUNDLED WITH
   2.1.0.pre.1
