GEM
  remote: https://rubygems.org/
  specs:
    rsolr-cloud (1.1.0)

PLATFORMS
  ruby

DEPENDENCIES
  rsolr-cloud

BUNDLED WITH
   2.1.0.pre.1
